PATH
  remote: ../r001z
  specs:
    r001z (0.1.0)
      rack (~> 2.0.7)
      webrick (~> 1.4.2)

GEM
  remote: https://rubygems.org/
  specs:
    rack (2.0.9.3)
    webrick (1.4.4)

PLATFORMS
  arm64-darwin-22

DEPENDENCIES
  r001z!

BUNDLED WITH
   2.2.33
